GEM
  remote: http://rubygems.org/
  specs:
    activemodel (3.0.9)
      activesupport (= 3.0.9)
      builder (~> 2.1.2)
      i18n (~> 0.5.0)
    activerecord (3.0.9)
      activemodel (= 3.0.9)
      activesupport (= 3.0.9)
      arel (~> 2.0.10)
      tzinfo (~> 0.3.23)
    activesupport (3.0.9)
    arel (2.0.10)
    builder (2.1.2)
    erubis (2.7.0)
    git (1.2.5)
    i18n (0.5.0)
    jeweler (1.5.2)
      bundler (~> 1.0.0)
      git (>= 1.2.5)
      rake
    pg (0.11.0)
    rake (0.8.7)
    rcov (0.9.9)
    shoulda (2.11.3)
    tzinfo (0.3.29)

PLATFORMS
  ruby

DEPENDENCIES
  activerecord (> 3.0.7)
  activesupport (> 3.0.7)
  bundler (~> 1.0.0)
  erubis (~> 2.7.0)
  jeweler (~> 1.5.2)
  pg (~> 0.11.0)
  rcov
  shoulda
